GIT
  remote: http://github.com/jnicklas/capybara.git
  revision: 5297bdb0ec6ff723bcff8b55756920f1302005b8
  specs:
    capybara (0.3.9)
      celerity (>= 0.7.9)
      culerity (>= 0.2.4)
      mime-types (>= 1.16)
      nokogiri (>= 1.3.3)
      rack (>= 1.0.0)
      rack-test (>= 0.5.4)
      selenium-webdriver (>= 0.0.27)
      xpath (~> 0.1.1)

GEM
  remote: http://rubygems.org/
  specs:
    activesupport (3.0.0)
    builder (2.1.2)
    celerity (0.8.2)
    configuration (1.1.0)
    cucumber (0.9.2)
      builder (~> 2.1.2)
      diff-lcs (~> 1.1.2)
      gherkin (~> 2.2.5)
      json (~> 1.4.6)
      term-ansicolor (~> 1.0.5)
    cucumber-sinatra (0.2.4)
      templater (>= 1.0.0)
    culerity (0.2.12)
    daemons (1.1.0)
    diff-lcs (1.1.2)
    eventmachine (0.12.10)
    extlib (0.9.15)
    ffi (0.6.3)
      rake (>= 0.8.7)
    gherkin (2.2.8)
      json (~> 1.4.6)
      term-ansicolor (~> 1.0.5)
    growl (1.0.3)
    haml (3.0.18)
    highline (1.6.1)
    json (1.4.6)
    json_pure (1.4.6)
    launchy (0.3.7)
      configuration (>= 0.0.5)
      rake (>= 0.8.1)
    libnotify (0.2.0)
      ffi (>= 0.6.2)
    mime-types (1.16)
    nokogiri (1.4.3.1)
    rack (1.2.1)
    rack-test (0.5.6)
      rack (>= 1.0)
    rake (0.8.7)
    rb-inotify (0.8.1)
      ffi (>= 0.5.0)
    rspactor (0.7.0.beta.6)
      bundler (>= 1.0.0.rc.5)
      growl (>= 1.0.3)
      libnotify (>= 0.1.3)
      rb-inotify
      sys-uname (>= 0.8.4)
      trollop (>= 1.16.2)
    rspec (2.0.0.rc)
      rspec-core (= 2.0.0.rc)
      rspec-expectations (= 2.0.0.rc)
      rspec-mocks (= 2.0.0.rc)
    rspec-core (2.0.0.rc)
    rspec-expectations (2.0.0.rc)
      diff-lcs (>= 1.1.2)
    rspec-mocks (2.0.0.rc)
      rspec-core (= 2.0.0.rc)
      rspec-expectations (= 2.0.0.rc)
    rubyzip (0.9.4)
    selenium-webdriver (0.0.28)
      ffi (>= 0.6.1)
      json_pure
      rubyzip
    sinatra (1.0)
      rack (>= 1.0)
    sys-uname (0.8.4)
    templater (1.0.0)
      diff-lcs (>= 1.1.2)
      extlib (>= 0.9.5)
      highline (>= 1.4.0)
    term-ansicolor (1.0.5)
    thin (1.2.7)
      daemons (>= 1.0.9)
      eventmachine (>= 0.12.6)
      rack (>= 1.0.0)
    trollop (1.16.2)
    xpath (0.1.1)
      nokogiri (~> 1.3)

PLATFORMS
  ruby

DEPENDENCIES
  activesupport
  capybara!
  cucumber
  cucumber-sinatra
  haml
  launchy
  rack-test
  rspactor
  rspec (~> 2.0.0.rc)
  sinatra
  thin
